GIT
  remote: https://github.com/guitsaru/draco
  revision: b3ae4faa72439c9c9932d407f53f70c490bf9806
  branch: main
  specs:
    draco (0.5.1)

GEM
  remote: https://rubygems.org/
  specs:
    diff-lcs (1.4.4)
    rake (12.3.3)
    rspec (3.10.0)
      rspec-core (~> 3.10.0)
      rspec-expectations (~> 3.10.0)
      rspec-mocks (~> 3.10.0)
    rspec-core (3.10.1)
      rspec-support (~> 3.10.0)
    rspec-expectations (3.10.1)
      diff-lcs (>= 1.2.0, < 2.0)
      rspec-support (~> 3.10.0)
    rspec-mocks (3.10.0)
      diff-lcs (>= 1.2.0, < 2.0)
      rspec-support (~> 3.10.0)
    rspec-support (3.10.1)

PLATFORMS
  ruby

DEPENDENCIES
  draco!
  rake (~> 12.0)
  rspec (~> 3.0)

BUNDLED WITH
   2.2.3
